GEM
  remote: http://rubygems.org/
  specs:
    addressable (2.3.3)
    kata (1.0.7)
    launchy (2.2.0)
      addressable (~> 2.3)

PLATFORMS
  ruby

DEPENDENCIES
  kata
  launchy
